{
    "Modality":"MR",
    "MagneticFieldStrength":3,
    "ImagingFrequency":123.248,
    "Manufacturer":"Siemens",
    "ManufacturersModelName":"Prisma_fit",
    "InstitutionName":"Intermountain Neuroimaging Consortium",
    "InstitutionalDepartmentName":"Department",
    "InstitutionAddress":"Exposition Drive 1777,Boulder,Denver,US,80301",
    "DeviceSerialNumber":"67087",
    "StationName":"MRC35451",
    "BodyPartExamined":"HEAD",
    "PatientPosition":"HFS",
    "ProcedureStepDescription":"TWAGER^PAINGEN_200107",
    "SoftwareVersions":"syngo MR E11",
    "MRAcquisitionType":"2D",
    "SeriesDescription":"paingen_pa_32ch_mb8_v01_r03",
    "ProtocolName":"paingen_pa_32ch_mb8_v01_r03",
    "ScanningSequence":"EP",
    "SequenceVariant":"SK\\SS",
    "ScanOptions":"FS",
    "SequenceName":"epfid2d1_82",
    "ImageType":[
        "ORIGINAL",
        "PRIMARY",
        "M",
        "MB",
        "ND",
        "NORM",
        "MOSAIC"
    ],
    "SeriesNumber":15,
    "AcquisitionTime":"12:01:0.232500",
    "AcquisitionNumber":1,
    "ImageComments":"Unaliased MB8/PE3",
    "SliceThickness":2.7,
    "SpacingBetweenSlices":2.7,
    "SAR":0.0866576,
    "EchoTime":0.0272,
    "RepetitionTime":0.46,
    "FlipAngle":44,
    "PartialFourier":1,
    "BaseResolution":82,
    "ShimSetting":[
        4504,
        1227,
        922,
        511,
        -26,
        178,
        -88,
        -21
    ],
    "TxRefAmp":220.16,
    "PhaseResolution":1,
    "ReceiveCoilName":"Head_32",
    "ReceiveCoilActiveElements":"HEA;HEP",
    "PulseSequenceDetails":"%CustomerSeq%\\cmrr_mbep2d_bold",
    "WipMemBlock":"31b68c73-9680-4d63-8d46-6ab937010d8a||Sequence: R016 ve11c/master r/e634e98; Dec 19 2017 11:00:25 by eja",
    "ConsistencyInfo":"N4_VE11C_LATEST_20160120",
    "MultibandAccelerationFactor":8,
    "PercentPhaseFOV":100,
    "PercentSampling":100,
    "EchoTrainLength":82,
    "PhaseEncodingSteps":82,
    "AcquisitionMatrixPE":82,
    "ReconMatrixPE":82,
    "BandwidthPerPixelPhaseEncode":24.888,
    "EffectiveEchoSpacing":0.00049,
    "DerivedVendorReportedEchoSpacing":0.00049,
    "TotalReadoutTime":0.03969,
    "PixelBandwidth":3050,
    "DwellTime":2e-06,
    "PhaseEncodingDirection":"j",
    "SliceTiming":[
        0,
        0.2525,
        0.0625,
        0.315,
        0.125,
        0.3775,
        0.19,
        0,
        0.2525,
        0.0625,
        0.315,
        0.125,
        0.3775,
        0.19,
        0,
        0.2525,
        0.0625,
        0.315,
        0.125,
        0.3775,
        0.19,
        0,
        0.2525,
        0.0625,
        0.315,
        0.125,
        0.3775,
        0.19,
        0,
        0.2525,
        0.0625,
        0.315,
        0.125,
        0.3775,
        0.19,
        0,
        0.2525,
        0.0625,
        0.315,
        0.125,
        0.3775,
        0.19,
        0,
        0.2525,
        0.0625,
        0.315,
        0.125,
        0.3775,
        0.19,
        0,
        0.2525,
        0.0625,
        0.315,
        0.125,
        0.3775,
        0.19
    ],
    "ImageOrientationPatientDICOM":[
        0.995346,
        0.038482,
        0.0883457,
        3.19169e-08,
        0.916801,
        -0.399344
    ],
    "InPlanePhaseEncodingDirectionDICOM":"COL",
    "ConversionSoftware":"dcm2niix",
    "ConversionSoftwareVersion":"v1.0.20201102",
    "TaskName":"paingen"
}