{
    "Modality":"MR",
    "MagneticFieldStrength":3,
    "ImagingFrequency":123.248,
    "Manufacturer":"Siemens",
    "ManufacturersModelName":"Prisma_fit",
    "InstitutionName":"University of Colorado - Minds Research",
    "InstitutionalDepartmentName":"Department",
    "InstitutionAddress":"Exposition Drive 1777,Boulder,Denver,US,80301",
    "DeviceSerialNumber":"67087",
    "StationName":"MRC35451",
    "BodyPartExamined":"HEAD",
    "PatientPosition":"HFS",
    "ProcedureStepDescription":"TWAGER^PAINGEN_200107",
    "SoftwareVersions":"syngo MR E11",
    "MRAcquisitionType":"2D",
    "SeriesDescription":"paingen_pa_32ch_mb8_v01_r01",
    "ProtocolName":"paingen_pa_32ch_mb8_v01_r01",
    "ScanningSequence":"EP",
    "SequenceVariant":"SK\\SS",
    "ScanOptions":"FS",
    "SequenceName":"epfid2d1_82",
    "ImageType":[
        "ORIGINAL",
        "PRIMARY",
        "M",
        "MB",
        "ND",
        "NORM",
        "MOSAIC"
    ],
    "SeriesNumber":11,
    "AcquisitionTime":"13:49:22.820000",
    "AcquisitionNumber":1,
    "ImageComments":"Unaliased MB8/PE3",
    "SliceThickness":2.7,
    "SpacingBetweenSlices":2.7,
    "SAR":0.0820709,
    "EchoTime":0.0272,
    "RepetitionTime":0.46,
    "FlipAngle":44,
    "PartialFourier":1,
    "BaseResolution":82,
    "ShimSetting":[
        4530,
        1223,
        940,
        800,
        140,
        30,
        -72,
        -11
    ],
    "TxRefAmp":228.442,
    "PhaseResolution":1,
    "ReceiveCoilName":"Head_32",
    "ReceiveCoilActiveElements":"HEA;HEP",
    "PulseSequenceDetails":"%CustomerSeq%\\cmrr_mbep2d_bold",
    "WipMemBlock":"99a34957-718f-48bc-bd4b-a7b5c09beec6||Sequence: R016 ve11e/master r/434b28f1; Aug  7 2019 18:53:46 by eja",
    "ConsistencyInfo":"N4_VE11E_LATEST_20181129",
    "MultibandAccelerationFactor":8,
    "PercentPhaseFOV":100,
    "PercentSampling":100,
    "EchoTrainLength":82,
    "PhaseEncodingSteps":82,
    "AcquisitionMatrixPE":82,
    "ReconMatrixPE":82,
    "BandwidthPerPixelPhaseEncode":24.888,
    "EffectiveEchoSpacing":0.00049,
    "DerivedVendorReportedEchoSpacing":0.00049,
    "TotalReadoutTime":0.03969,
    "PixelBandwidth":3050,
    "DwellTime":2e-06,
    "PhaseEncodingDirection":"j",
    "SliceTiming":[
        0,
        0.25,
        0.0625,
        0.3125,
        0.125,
        0.3775,
        0.1875,
        0,
        0.25,
        0.0625,
        0.3125,
        0.125,
        0.3775,
        0.1875,
        0,
        0.25,
        0.0625,
        0.3125,
        0.125,
        0.3775,
        0.1875,
        0,
        0.25,
        0.0625,
        0.3125,
        0.125,
        0.3775,
        0.1875,
        0,
        0.25,
        0.0625,
        0.3125,
        0.125,
        0.3775,
        0.1875,
        0,
        0.25,
        0.0625,
        0.3125,
        0.125,
        0.3775,
        0.1875,
        0,
        0.25,
        0.0625,
        0.3125,
        0.125,
        0.3775,
        0.1875,
        0,
        0.25,
        0.0625,
        0.3125,
        0.125,
        0.3775,
        0.1875
    ],
    "ImageOrientationPatientDICOM":[
        0.99855,
        0.0213004,
        0.0494424,
        4.40425e-08,
        0.918398,
        -0.395658
    ],
    "InPlanePhaseEncodingDirectionDICOM":"COL",
    "ConversionSoftware":"dcm2niix",
    "ConversionSoftwareVersion":"v1.0.20210317",
    "TaskName":"paingen"
}