{
    "Modality":"MR",
    "MagneticFieldStrength":3,
    "ImagingFrequency":123.248,
    "Manufacturer":"Siemens",
    "ManufacturersModelName":"Prisma_fit",
    "InstitutionName":"Intermountain_Neuroimaging_Consortium",
    "InstitutionalDepartmentName":"Department",
    "InstitutionAddress":"Exposition_Drive_1777_Boulder_Denver_US_80301",
    "DeviceSerialNumber":"67087",
    "StationName":"MRC35451",
    "BodyPartExamined":"HEAD",
    "PatientPosition":"HFS",
    "ProcedureStepDescription":"TWAGER_PAINGEN_200107",
    "SoftwareVersions":"syngo_MR_E11",
    "MRAcquisitionType":"2D",
    "SeriesDescription":"paingen_pa_32ch_mb8_v01_r02_SBRef",
    "ProtocolName":"paingen_pa_32ch_mb8_v01_r02",
    "ScanningSequence":"EP",
    "SequenceVariant":"SK_SS",
    "ScanOptions":"FS",
    "SequenceName":"epfid2d1_82",
    "ImageType":[
        "ORIGINAL",
        "PRIMARY",
        "M",
        "ND",
        "NORM",
        "MOSAIC"
    ],
    "SeriesNumber":12,
    "AcquisitionTime":"12:24:56.492500",
    "AcquisitionNumber":1,
    "ImageComments":"Single-band_reference",
    "SliceThickness":2.7,
    "SpacingBetweenSlices":2.7,
    "SAR":0.107054,
    "EchoTime":0.0272,
    "RepetitionTime":0.46,
    "FlipAngle":44,
    "PartialFourier":1,
    "BaseResolution":82,
    "ShimSetting":[
        4493,
        1165,
        933,
        401,
        97,
        -186,
        57,
        -6
    ],
    "TxRefAmp":265.754,
    "PhaseResolution":1,
    "ReceiveCoilName":"Head_32",
    "ReceiveCoilActiveElements":"HEA;HEP",
    "PulseSequenceDetails":"%CustomerSeq%_cmrr_mbep2d_bold",
    "WipMemBlock":"bd59e5be-3124-4a67-b91e-dc9393cecde3||Sequence: R016 ve11b/master r/2c26778; Dec 19 2017 13:23:05 by eja",
    "ConsistencyInfo":"N4_VE11B_LATEST_20150530",
    "PercentPhaseFOV":100,
    "EchoTrainLength":82,
    "PhaseEncodingSteps":82,
    "AcquisitionMatrixPE":82,
    "ReconMatrixPE":82,
    "BandwidthPerPixelPhaseEncode":24.888,
    "EffectiveEchoSpacing":0.00049,
    "DerivedVendorReportedEchoSpacing":0.00049,
    "TotalReadoutTime":0.03969,
    "PixelBandwidth":3050,
    "DwellTime":2e-06,
    "PhaseEncodingDirection":"j",
    "SliceTiming":[
        0,
        0.0625,
        0.125,
        0.1875,
        0.25,
        0.3125,
        0.3775,
        0.44,
        0.5025,
        0.565,
        0.6275,
        0.69,
        0.7525,
        0.8175,
        0.88,
        0.9425,
        1.005,
        1.0675,
        1.13,
        1.1925,
        1.255,
        1.32,
        1.3825,
        1.445,
        1.5075,
        1.57,
        1.6325,
        1.695,
        1.76,
        1.8225,
        1.885,
        1.9475,
        2.01,
        2.0725,
        2.135,
        2.2,
        2.2625,
        2.325,
        2.3875,
        2.45,
        2.5125,
        2.575,
        2.64,
        2.7025,
        2.765,
        2.8275,
        2.89,
        2.9525,
        3.015,
        3.08,
        3.1425,
        3.205,
        3.2675,
        3.33,
        3.3925,
        3.455
    ],
    "ImageOrientationPatientDICOM":[
        0.999989,
        -0.00147273,
        -0.00442422,
        4.96693e-08,
        0.948816,
        -0.315829
    ],
    "InPlanePhaseEncodingDirectionDICOM":"COL",
    "ConversionSoftware":"dcm2niix",
    "ConversionSoftwareVersion":"v1.0.20190410  GCC4.8.5",
    "TaskName":"paingen"
}