{
    "Modality":"MR",
    "MagneticFieldStrength":3,
    "ImagingFrequency":123.248,
    "Manufacturer":"Siemens",
    "ManufacturersModelName":"Prisma_fit",
    "InstitutionName":"Intermountain_Neuroimaging_Consortium",
    "InstitutionalDepartmentName":"Department",
    "InstitutionAddress":"Exposition_Drive_1777_Boulder_Denver_US_80301",
    "DeviceSerialNumber":"67087",
    "StationName":"MRC35451",
    "BodyPartExamined":"HEAD",
    "PatientPosition":"HFS",
    "ProcedureStepDescription":"TWAGER_PAINGEN_200107",
    "SoftwareVersions":"syngo_MR_E11",
    "MRAcquisitionType":"2D",
    "SeriesDescription":"paingen_pa_32ch_mb8_v01_r02",
    "ProtocolName":"paingen_pa_32ch_mb8_v01_r02",
    "ScanningSequence":"EP",
    "SequenceVariant":"SK_SS",
    "ScanOptions":"FS",
    "SequenceName":"epfid2d1_82",
    "ImageType":[
        "ORIGINAL",
        "PRIMARY",
        "M",
        "MB",
        "ND",
        "NORM",
        "MOSAIC"
    ],
    "SeriesNumber":21,
    "AcquisitionTime":"17:04:7.357500",
    "AcquisitionNumber":1,
    "ImageComments":"Unaliased_MB8_PE3",
    "SliceThickness":2.7,
    "SpacingBetweenSlices":2.7,
    "SAR":0.072338,
    "EchoTime":0.0272,
    "RepetitionTime":0.46,
    "FlipAngle":44,
    "PartialFourier":1,
    "BaseResolution":82,
    "ShimSetting":[
        4484,
        1151,
        985,
        638,
        84,
        106,
        81,
        10
    ],
    "TxRefAmp":218.309,
    "PhaseResolution":1,
    "ReceiveCoilName":"Head_32",
    "ReceiveCoilActiveElements":"HEA;HEP",
    "PulseSequenceDetails":"%CustomerSeq%_cmrr_mbep2d_bold",
    "WipMemBlock":"0a0de6a8-6ff8-46b6-b3eb-8766b89389c3||Sequence: R016 ve11b/master r/2c26778; Dec 19 2017 13:23:05 by eja",
    "ConsistencyInfo":"N4_VE11B_LATEST_20150530",
    "MultibandAccelerationFactor":8,
    "PercentPhaseFOV":100,
    "EchoTrainLength":82,
    "PhaseEncodingSteps":82,
    "AcquisitionMatrixPE":82,
    "ReconMatrixPE":82,
    "BandwidthPerPixelPhaseEncode":24.888,
    "EffectiveEchoSpacing":0.00049,
    "DerivedVendorReportedEchoSpacing":0.00049,
    "TotalReadoutTime":0.03969,
    "PixelBandwidth":3050,
    "DwellTime":2e-06,
    "PhaseEncodingDirection":"j",
    "SliceTiming":[
        0,
        0.2525,
        0.0625,
        0.315,
        0.1275,
        0.3775,
        0.19,
        0,
        0.2525,
        0.0625,
        0.315,
        0.1275,
        0.3775,
        0.19,
        0,
        0.2525,
        0.0625,
        0.315,
        0.1275,
        0.3775,
        0.19,
        0,
        0.2525,
        0.0625,
        0.315,
        0.1275,
        0.3775,
        0.19,
        0,
        0.2525,
        0.0625,
        0.315,
        0.1275,
        0.3775,
        0.19,
        0,
        0.2525,
        0.0625,
        0.315,
        0.1275,
        0.3775,
        0.19,
        0,
        0.2525,
        0.0625,
        0.315,
        0.1275,
        0.3775,
        0.19,
        0,
        0.2525,
        0.0625,
        0.315,
        0.1275,
        0.3775,
        0.19
    ],
    "ImageOrientationPatientDICOM":[
        0.999591,
        -0.00416886,
        -0.0282912,
        -7.49271e-10,
        0.989317,
        -0.145781
    ],
    "InPlanePhaseEncodingDirectionDICOM":"COL",
    "ConversionSoftware":"dcm2niix",
    "ConversionSoftwareVersion":"v1.0.20190410  GCC4.8.5",
    "TaskName":"paingen"
}