{
    "Modality":"MR",
    "MagneticFieldStrength":3,
    "ImagingFrequency":123.248,
    "Manufacturer":"Siemens",
    "ManufacturersModelName":"Prisma_fit",
    "InstitutionName":"Intermountain_Neuroimaging_Consortium",
    "InstitutionalDepartmentName":"Department",
    "InstitutionAddress":"Exposition_Drive_1777_Boulder_Denver_US_80301",
    "DeviceSerialNumber":"67087",
    "StationName":"MRC35451",
    "BodyPartExamined":"HEAD",
    "PatientPosition":"HFS",
    "ProcedureStepDescription":"TWAGER_PAINGEN_200107",
    "SoftwareVersions":"syngo_MR_E11",
    "MRAcquisitionType":"2D",
    "SeriesDescription":"paingen_pa_32ch_mb8_v01_r01",
    "ProtocolName":"paingen_pa_32ch_mb8_v01_r01",
    "ScanningSequence":"EP",
    "SequenceVariant":"SK_SS",
    "ScanOptions":"FS",
    "SequenceName":"epfid2d1_82",
    "ImageType":[
        "ORIGINAL",
        "PRIMARY",
        "M",
        "MB",
        "ND",
        "NORM",
        "MOSAIC"
    ],
    "SeriesNumber":11,
    "AcquisitionTime":"11:42:5.612500",
    "AcquisitionNumber":1,
    "ImageComments":"Unaliased_MB8_PE3",
    "SliceThickness":2.7,
    "SpacingBetweenSlices":2.7,
    "SAR":0.0726755,
    "EchoTime":0.0272,
    "RepetitionTime":0.46,
    "FlipAngle":44,
    "PartialFourier":1,
    "BaseResolution":82,
    "ShimSetting":[
        4504,
        1191,
        933,
        477,
        104,
        -36,
        -47,
        -40
    ],
    "TxRefAmp":232.47,
    "PhaseResolution":1,
    "ReceiveCoilName":"Head_32",
    "ReceiveCoilActiveElements":"HEA;HEP",
    "PulseSequenceDetails":"%CustomerSeq%_cmrr_mbep2d_bold",
    "WipMemBlock":"04cd6d9d-14ff-4830-b6e3-025af94c192d||Sequence: R016 ve11c/master r/e634e98; Dec 19 2017 11:00:25 by eja",
    "ConsistencyInfo":"N4_VE11C_LATEST_20160120",
    "MultibandAccelerationFactor":8,
    "PercentPhaseFOV":100,
    "EchoTrainLength":82,
    "PhaseEncodingSteps":82,
    "AcquisitionMatrixPE":82,
    "ReconMatrixPE":82,
    "BandwidthPerPixelPhaseEncode":24.888,
    "EffectiveEchoSpacing":0.00049,
    "DerivedVendorReportedEchoSpacing":0.00049,
    "TotalReadoutTime":0.03969,
    "PixelBandwidth":3050,
    "DwellTime":2e-06,
    "PhaseEncodingDirection":"j",
    "SliceTiming":[
        0,
        0.2525,
        0.0625,
        0.315,
        0.125,
        0.3775,
        0.19,
        0,
        0.2525,
        0.0625,
        0.315,
        0.125,
        0.3775,
        0.19,
        0,
        0.2525,
        0.0625,
        0.315,
        0.125,
        0.3775,
        0.19,
        0,
        0.2525,
        0.0625,
        0.315,
        0.125,
        0.3775,
        0.19,
        0,
        0.2525,
        0.0625,
        0.315,
        0.125,
        0.3775,
        0.19,
        0,
        0.2525,
        0.0625,
        0.315,
        0.125,
        0.3775,
        0.19,
        0,
        0.2525,
        0.0625,
        0.315,
        0.125,
        0.3775,
        0.19,
        0,
        0.2525,
        0.0625,
        0.315,
        0.125,
        0.3775,
        0.19
    ],
    "ImageOrientationPatientDICOM":[
        0.999524,
        0.00911119,
        0.0294896,
        3.12635e-08,
        0.955437,
        -0.295195
    ],
    "InPlanePhaseEncodingDirectionDICOM":"COL",
    "ConversionSoftware":"dcm2niix",
    "ConversionSoftwareVersion":"v1.0.20190410  GCC4.8.5",
    "TaskName":"paingen"
}