{
    "Modality":"MR",
    "MagneticFieldStrength":3,
    "ImagingFrequency":123.248,
    "Manufacturer":"Siemens",
    "ManufacturersModelName":"Prisma_fit",
    "InstitutionName":"Intermountain Neuroimaging Consortium",
    "InstitutionalDepartmentName":"Department",
    "InstitutionAddress":"Exposition Drive 1777,Boulder,Denver,US,80301",
    "DeviceSerialNumber":"67087",
    "StationName":"MRC35451",
    "BodyPartExamined":"HEAD",
    "PatientPosition":"HFS",
    "ProcedureStepDescription":"TWAGER^PAINGEN_200107",
    "SoftwareVersions":"syngo MR E11",
    "MRAcquisitionType":"3D",
    "SeriesDescription":"t1w_32ch_mpr_p3_08mm",
    "ProtocolName":"t1w_32ch_mpr_p3_08mm",
    "ScanningSequence":"GR\\IR",
    "SequenceVariant":"SK\\SP\\MP",
    "ScanOptions":"IR\\WE",
    "SequenceName":"*tfl3d1_16ns",
    "ImageType":[
        "ORIGINAL",
        "PRIMARY",
        "M",
        "ND",
        "NORM"
    ],
    "SeriesNumber":5,
    "AcquisitionTime":"12:19:36.952500",
    "AcquisitionNumber":1,
    "SliceThickness":0.8,
    "SAR":0.0554322,
    "EchoTime":0.00211,
    "RepetitionTime":2,
    "InversionTime":1,
    "FlipAngle":8,
    "PartialFourier":1,
    "BaseResolution":320,
    "ShimSetting":[
        4496,
        1151,
        893,
        48,
        44,
        -456,
        154,
        30
    ],
    "TxRefAmp":265.476,
    "PhaseResolution":1,
    "ReceiveCoilName":"Head_32",
    "ReceiveCoilActiveElements":"HEA;HEP",
    "PulseSequenceDetails":"%SiemensSeq%\\tfl",
    "RefLinesPE":32,
    "ConsistencyInfo":"N4_VE11C_LATEST_20160120",
    "PercentPhaseFOV":100,
    "PercentSampling":100,
    "PhaseEncodingSteps":320,
    "AcquisitionMatrixPE":320,
    "ReconMatrixPE":320,
    "ParallelReductionFactorInPlane":3,
    "PixelBandwidth":240,
    "DwellTime":6.5e-06,
    "ImageOrientationPatientDICOM":[
        -0.0393197,
        0.993452,
        -0.107268,
        0.0307178,
        -0.106099,
        -0.993881
    ],
    "InPlanePhaseEncodingDirectionDICOM":"ROW",
    "ConversionSoftware":"dcm2niix",
    "ConversionSoftwareVersion":"v1.0.20210317"
}