{
    "Modality":"MR",
    "MagneticFieldStrength":3,
    "ImagingFrequency":123.248,
    "Manufacturer":"Siemens",
    "ManufacturersModelName":"Prisma_fit",
    "InstitutionName":"Intermountain_Neuroimaging_Consortium",
    "InstitutionalDepartmentName":"Department",
    "InstitutionAddress":"Exposition_Drive_1777_Boulder_Denver_US_80301",
    "DeviceSerialNumber":"67087",
    "StationName":"MRC35451",
    "BodyPartExamined":"HEAD",
    "PatientPosition":"HFS",
    "ProcedureStepDescription":"TWAGER_PAINGEN_200107",
    "SoftwareVersions":"syngo_MR_E11",
    "MRAcquisitionType":"2D",
    "SeriesDescription":"paingen_pa_32ch_mb8_v01_r03",
    "ProtocolName":"paingen_pa_32ch_mb8_v01_r03",
    "ScanningSequence":"EP",
    "SequenceVariant":"SK_SS",
    "ScanOptions":"FS",
    "SequenceName":"epfid2d1_82",
    "ImageType":[
        "ORIGINAL",
        "PRIMARY",
        "M",
        "MB",
        "ND",
        "NORM",
        "MOSAIC"
    ],
    "SeriesNumber":15,
    "AcquisitionTime":"10:41:41.412500",
    "AcquisitionNumber":1,
    "ImageComments":"Unaliased_MB8_PE3",
    "SliceThickness":2.7,
    "SpacingBetweenSlices":2.7,
    "SAR":0.0688545,
    "EchoTime":0.0272,
    "RepetitionTime":0.46,
    "FlipAngle":44,
    "PartialFourier":1,
    "BaseResolution":82,
    "ShimSetting":[
        4516,
        1226,
        851,
        534,
        76,
        -52,
        -91,
        11
    ],
    "TxRefAmp":218.819,
    "PhaseResolution":1,
    "ReceiveCoilName":"Head_32",
    "ReceiveCoilActiveElements":"HEA;HEP",
    "PulseSequenceDetails":"%CustomerSeq%_cmrr_mbep2d_bold",
    "WipMemBlock":"8759ddae-c7e3-42c9-ab64-7474a6494ad1||Sequence: R016 ve11b/master r/2c26778; Dec 19 2017 13:23:05 by eja",
    "ConsistencyInfo":"N4_VE11B_LATEST_20150530",
    "MultibandAccelerationFactor":8,
    "PercentPhaseFOV":100,
    "EchoTrainLength":82,
    "PhaseEncodingSteps":82,
    "AcquisitionMatrixPE":82,
    "ReconMatrixPE":82,
    "BandwidthPerPixelPhaseEncode":24.888,
    "EffectiveEchoSpacing":0.00049,
    "DerivedVendorReportedEchoSpacing":0.00049,
    "TotalReadoutTime":0.03969,
    "PixelBandwidth":3050,
    "DwellTime":2e-06,
    "PhaseEncodingDirection":"j",
    "SliceTiming":[
        0,
        0.2525,
        0.0625,
        0.315,
        0.125,
        0.3775,
        0.1875,
        0,
        0.2525,
        0.0625,
        0.315,
        0.125,
        0.3775,
        0.1875,
        0,
        0.2525,
        0.0625,
        0.315,
        0.125,
        0.3775,
        0.1875,
        0,
        0.2525,
        0.0625,
        0.315,
        0.125,
        0.3775,
        0.1875,
        0,
        0.2525,
        0.0625,
        0.315,
        0.125,
        0.3775,
        0.1875,
        0,
        0.2525,
        0.0625,
        0.315,
        0.125,
        0.3775,
        0.1875,
        0,
        0.2525,
        0.0625,
        0.315,
        0.125,
        0.3775,
        0.1875,
        0,
        0.2525,
        0.0625,
        0.315,
        0.125,
        0.3775,
        0.1875
    ],
    "ImageOrientationPatientDICOM":[
        0.999187,
        0.0210791,
        0.0343676,
        8.82987e-10,
        0.852434,
        -0.522835
    ],
    "InPlanePhaseEncodingDirectionDICOM":"COL",
    "ConversionSoftware":"dcm2niix",
    "ConversionSoftwareVersion":"v1.0.20190410  GCC4.8.5",
    "TaskName":"paingen"
}