{
  "Modality": "MR",
  "MagneticFieldStrength": 3,
  "ImagingFrequency": 123.248,
  "Manufacturer": "Siemens",
  "ManufacturersModelName": "Prisma_fit",
  "InstitutionName": "Intermountain Neuroimaging Consortium",
  "InstitutionalDepartmentName": "Department",
  "InstitutionAddress": "Exposition Drive 1777,Boulder,Denver,US,80301",
  "DeviceSerialNumber": "67087",
  "StationName": "MRC35451",
  "BodyPartExamined": "HEAD",
  "PatientPosition": "HFS",
  "ProcedureStepDescription": "TWAGER^PAINGEN_200107",
  "SoftwareVersions": "syngo MR E11",
  "MRAcquisitionType": "2D",
  "SeriesDescription": "distortion_corr_32ch_pa",
  "ProtocolName": "distortion_corr_32ch_pa",
  "ScanningSequence": "EP",
  "SequenceVariant": "SK",
  "ScanOptions": "FS",
  "SequenceName": "epse2d1_82",
  "ImageType": [
    "ORIGINAL",
    "PRIMARY",
    "M",
    "ND",
    "NORM",
    "MOSAIC"
  ],
  "SeriesNumber": 6,
  "AcquisitionTime": "12:20:57.595000",
  "AcquisitionNumber": 1,
  "SliceThickness": 2.7,
  "SpacingBetweenSlices": 2.7,
  "SAR": 0.123304,
  "EchoTime": 0.073,
  "RepetitionTime": 7.22,
  "FlipAngle": 90,
  "PartialFourier": 1,
  "BaseResolution": 82,
  "ShimSetting": [
    4516,
    1158,
    913,
    518,
    113,
    14,
    -42,
    -19
  ],
  "TxRefAmp": 235.354,
  "PhaseResolution": 1,
  "ReceiveCoilName": "Head_32",
  "ReceiveCoilActiveElements": "HEA;HEP",
  "PulseSequenceDetails": "%CustomerSeq%\\cmrr_mbep2d_se",
  "WipMemBlock": "3ab92889-5006-49e2-bcbf-45f9972c3e70||Sequence: R016 ve11e/master r/434b28f1; Aug  7 2019 19:20:16 by eja",
  "ConsistencyInfo": "N4_VE11E_LATEST_20181129",
  "PercentPhaseFOV": 100,
  "PercentSampling": 100,
  "EchoTrainLength": 82,
  "PhaseEncodingSteps": 82,
  "AcquisitionMatrixPE": 82,
  "ReconMatrixPE": 82,
  "BandwidthPerPixelPhaseEncode": 24.888,
  "EffectiveEchoSpacing": 0.00049,
  "DerivedVendorReportedEchoSpacing": 0.00049,
  "TotalReadoutTime": 0.03969,
  "PixelBandwidth": 3050,
  "DwellTime": 2E-6,
  "PhaseEncodingDirection": "j",
  "SliceTiming": [
    3.6,
    0,
    3.7275,
    0.1275,
    3.8575,
    0.2575,
    3.985,
    0.385,
    4.115,
    0.515,
    4.2425,
    0.6425,
    4.3725,
    0.7725,
    4.5,
    0.9,
    4.6275,
    1.0275,
    4.7575,
    1.1575,
    4.885,
    1.285,
    5.015,
    1.415,
    5.1425,
    1.5425,
    5.2725,
    1.6725,
    5.4,
    1.8,
    5.5275,
    1.9275,
    5.6575,
    2.0575,
    5.785,
    2.185,
    5.915,
    2.315,
    6.0425,
    2.4425,
    6.1725,
    2.5725,
    6.3,
    2.7,
    6.4275,
    2.8275,
    6.5575,
    2.9575,
    6.685,
    3.085,
    6.815,
    3.215,
    6.9425,
    3.3425,
    7.0725,
    3.4725
  ],
  "ImageOrientationPatientDICOM": [
    0.999857,
    0.00240662,
    0.0167254,
    4.07439E-8,
    0.989805,
    -0.142426
  ],
  "InPlanePhaseEncodingDirectionDICOM": "COL",
  "ConversionSoftware": "dcm2niix",
  "ConversionSoftwareVersion": "v1.0.20210317",
  "IntendedFor": [
    "ses-1/func/sub-P423653_ses-1_task-paingen_dir-pa_run-01_sbref.nii.gz",
    "ses-1/func/sub-P423653_ses-1_task-paingen_dir-pa_run-01_bold.nii.gz",
    "ses-1/func/sub-P423653_ses-1_task-paingen_dir-pa_run-02_bold.nii.gz",
    "ses-1/func/sub-P423653_ses-1_task-paingen_dir-pa_run-02_sbref.nii.gz",
    "ses-1/func/sub-P423653_ses-1_task-paingen_dir-pa_run-03_sbref.nii.gz",
    "ses-1/func/sub-P423653_ses-1_task-paingen_dir-pa_run-03_bold.nii.gz",
    "ses-1/func/sub-P423653_ses-1_task-paingen_dir-pa_run-04_sbref.nii.gz",
    "ses-1/func/sub-P423653_ses-1_task-paingen_dir-pa_run-04_bold.nii.gz"
  ]
}