{
    "Modality":"MR",
    "MagneticFieldStrength":3,
    "ImagingFrequency":123.248,
    "Manufacturer":"Siemens",
    "ManufacturersModelName":"Prisma_fit",
    "InstitutionName":"Intermountain Neuroimaging Consortium",
    "InstitutionalDepartmentName":"Department",
    "InstitutionAddress":"Exposition Drive 1777,Boulder,Denver,US,80301",
    "DeviceSerialNumber":"67087",
    "StationName":"MRC35451",
    "BodyPartExamined":"HEAD",
    "PatientPosition":"HFS",
    "ProcedureStepDescription":"TWAGER^PAINGEN_200107",
    "SoftwareVersions":"syngo MR E11",
    "MRAcquisitionType":"2D",
    "SeriesDescription":"paingen_pa_32ch_mb8_v01_r01_SBRef",
    "ProtocolName":"paingen_pa_32ch_mb8_v01_r01",
    "ScanningSequence":"EP",
    "SequenceVariant":"SK\\SS",
    "ScanOptions":"FS",
    "SequenceName":"epfid2d1_82",
    "ImageType":[
        "ORIGINAL",
        "PRIMARY",
        "M",
        "ND",
        "NORM",
        "MOSAIC"
    ],
    "SeriesNumber":10,
    "AcquisitionTime":"12:28:12.810000",
    "AcquisitionNumber":1,
    "ImageComments":"Single-band reference",
    "SliceThickness":2.7,
    "SpacingBetweenSlices":2.7,
    "SAR":0.0915015,
    "EchoTime":0.0272,
    "RepetitionTime":0.46,
    "FlipAngle":44,
    "PartialFourier":1,
    "BaseResolution":82,
    "ShimSetting":[
        4515,
        1159,
        957,
        529,
        159,
        85,
        32,
        31
    ],
    "TxRefAmp":263.444,
    "PhaseResolution":1,
    "ReceiveCoilName":"Head_32",
    "ReceiveCoilActiveElements":"HEA;HEP",
    "PulseSequenceDetails":"%CustomerSeq%\\cmrr_mbep2d_bold",
    "WipMemBlock":"1d208985-eadf-43c5-8625-ec4689527b09||Sequence: R016 ve11c/master r/e634e98; Dec 19 2017 11:00:25 by eja",
    "ConsistencyInfo":"N4_VE11C_LATEST_20160120",
    "PercentPhaseFOV":100,
    "PercentSampling":100,
    "EchoTrainLength":82,
    "PhaseEncodingSteps":82,
    "AcquisitionMatrixPE":82,
    "ReconMatrixPE":82,
    "BandwidthPerPixelPhaseEncode":24.888,
    "EffectiveEchoSpacing":0.00049,
    "DerivedVendorReportedEchoSpacing":0.00049,
    "TotalReadoutTime":0.03969,
    "PixelBandwidth":3050,
    "DwellTime":2e-06,
    "PhaseEncodingDirection":"j",
    "SliceTiming":[
        0,
        0.0625,
        0.125,
        0.1875,
        0.25,
        0.3125,
        0.375,
        0.44,
        0.5025,
        0.565,
        0.6275,
        0.69,
        0.7525,
        0.815,
        0.88,
        0.9425,
        1.005,
        1.0675,
        1.13,
        1.1925,
        1.255,
        1.32,
        1.3825,
        1.445,
        1.5075,
        1.57,
        1.6325,
        1.695,
        1.76,
        1.8225,
        1.885,
        1.9475,
        2.01,
        2.0725,
        2.135,
        2.2,
        2.2625,
        2.325,
        2.3875,
        2.45,
        2.5125,
        2.575,
        2.64,
        2.7025,
        2.765,
        2.8275,
        2.89,
        2.9525,
        3.015,
        3.08,
        3.1425,
        3.205,
        3.2675,
        3.33,
        3.3925,
        3.455
    ],
    "ImageOrientationPatientDICOM":[
        0.999509,
        -0.00496703,
        -0.0309314,
        2.28689e-08,
        0.987351,
        -0.15855
    ],
    "InPlanePhaseEncodingDirectionDICOM":"COL",
    "ConversionSoftware":"dcm2niix",
    "ConversionSoftwareVersion":"v1.0.20210317",
    "TaskName":"paingen"
}