{
    "Modality":"MR",
    "MagneticFieldStrength":3,
    "ImagingFrequency":123.248,
    "Manufacturer":"Siemens",
    "ManufacturersModelName":"Prisma_fit",
    "InstitutionName":"Intermountain_Neuroimaging_Consortium",
    "InstitutionalDepartmentName":"Department",
    "InstitutionAddress":"Exposition_Drive_1777_Boulder_Denver_US_80301",
    "DeviceSerialNumber":"67087",
    "StationName":"MRC35451",
    "BodyPartExamined":"HEAD",
    "PatientPosition":"HFS",
    "ProcedureStepDescription":"TWAGER_PAINGEN_200107",
    "SoftwareVersions":"syngo_MR_E11",
    "MRAcquisitionType":"3D",
    "SeriesDescription":"t1w_32ch_mpr_p3_08mm",
    "ProtocolName":"t1w_32ch_mpr_p3_08mm",
    "ScanningSequence":"GR_IR",
    "SequenceVariant":"SK_SP_MP",
    "ScanOptions":"IR_WE",
    "SequenceName":"_tfl3d1_16ns",
    "ImageType":[
        "ORIGINAL",
        "PRIMARY",
        "M",
        "ND",
        "NORM"
    ],
    "SeriesNumber":5,
    "AcquisitionTime":"12:03:1.280000",
    "AcquisitionNumber":1,
    "SliceThickness":0.8,
    "SAR":0.0630121,
    "EchoTime":0.00211,
    "RepetitionTime":2,
    "InversionTime":1,
    "FlipAngle":8,
    "PartialFourier":1,
    "BaseResolution":320,
    "ShimSetting":[
        4484,
        1106,
        833,
        -314,
        120,
        -112,
        165,
        -29
    ],
    "TxRefAmp":265.754,
    "PhaseResolution":1,
    "ReceiveCoilName":"Head_32",
    "ReceiveCoilActiveElements":"HEA;HEP",
    "PulseSequenceDetails":"%SiemensSeq%_tfl",
    "RefLinesPE":32,
    "ConsistencyInfo":"N4_VE11B_LATEST_20150530",
    "PercentPhaseFOV":100,
    "PhaseEncodingSteps":320,
    "AcquisitionMatrixPE":320,
    "ReconMatrixPE":320,
    "PixelBandwidth":240,
    "DwellTime":6.5e-06,
    "ImageOrientationPatientDICOM":[
        -0.021106,
        0.998257,
        0.0551204,
        -0.0133531,
        0.0548463,
        -0.998406
    ],
    "InPlanePhaseEncodingDirectionDICOM":"ROW",
    "ConversionSoftware":"dcm2niix",
    "ConversionSoftwareVersion":"v1.0.20190410  GCC4.8.5"
}