{
  "Modality": "MR",
  "MagneticFieldStrength": 3,
  "ImagingFrequency": 123.248,
  "Manufacturer": "Siemens",
  "ManufacturersModelName": "Prisma_fit",
  "InstitutionName": "Intermountain Neuroimaging Consortium",
  "InstitutionalDepartmentName": "Department",
  "InstitutionAddress": "Exposition Drive 1777,Boulder,Denver,US,80301",
  "DeviceSerialNumber": "67087",
  "StationName": "MRC35451",
  "BodyPartExamined": "HEAD",
  "PatientPosition": "HFS",
  "ProcedureStepDescription": "TWAGER^PAINGEN_200107",
  "SoftwareVersions": "syngo MR E11",
  "MRAcquisitionType": "2D",
  "SeriesDescription": "distortion_corr_32ch_pa_polarity_invert_to_ap",
  "ProtocolName": "distortion_corr_32ch_pa_polarity_invert_to_ap",
  "ScanningSequence": "EP",
  "SequenceVariant": "SK",
  "ScanOptions": "FS",
  "SequenceName": "epse2d1_82",
  "ImageType": [
    "ORIGINAL",
    "PRIMARY",
    "M",
    "ND",
    "NORM",
    "MOSAIC"
  ],
  "SeriesNumber": 7,
  "AcquisitionTime": "11:27:37.387500",
  "AcquisitionNumber": 1,
  "SliceThickness": 2.7,
  "SpacingBetweenSlices": 2.7,
  "SAR": 0.104924,
  "EchoTime": 0.073,
  "RepetitionTime": 7.22,
  "FlipAngle": 90,
  "PartialFourier": 1,
  "BaseResolution": 82,
  "ShimSetting": [
    4508,
    1191,
    902,
    439,
    149,
    67,
    -63,
    -23
  ],
  "TxRefAmp": 229.18,
  "PhaseResolution": 1,
  "ReceiveCoilName": "Head_32",
  "ReceiveCoilActiveElements": "HEA;HEP",
  "PulseSequenceDetails": "%CustomerSeq%\\cmrr_mbep2d_se",
  "WipMemBlock": "e0448411-5b2c-405c-a730-bfea48acc3db||Sequence: R016 ve11c/master r/e634e98; Dec 19 2017 11:22:56 by eja",
  "ConsistencyInfo": "N4_VE11C_LATEST_20160120",
  "PercentPhaseFOV": 100,
  "PercentSampling": 100,
  "EchoTrainLength": 82,
  "PhaseEncodingSteps": 82,
  "AcquisitionMatrixPE": 82,
  "ReconMatrixPE": 82,
  "BandwidthPerPixelPhaseEncode": 24.888,
  "EffectiveEchoSpacing": 0.00049,
  "DerivedVendorReportedEchoSpacing": 0.00049,
  "TotalReadoutTime": 0.03969,
  "PixelBandwidth": 3050,
  "DwellTime": 2E-6,
  "PhaseEncodingDirection": "j-",
  "SliceTiming": [
    3.6,
    0,
    3.7275,
    0.1275,
    3.8575,
    0.2575,
    3.985,
    0.385,
    4.1125,
    0.5125,
    4.2425,
    0.6425,
    4.37,
    0.77,
    4.5,
    0.9,
    4.6275,
    1.0275,
    4.7575,
    1.1575,
    4.885,
    1.285,
    5.0125,
    1.4125,
    5.1425,
    1.5425,
    5.27,
    1.67,
    5.4,
    1.8,
    5.5275,
    1.9275,
    5.6575,
    2.0575,
    5.785,
    2.185,
    5.9125,
    2.3125,
    6.0425,
    2.4425,
    6.17,
    2.57,
    6.3,
    2.7,
    6.4275,
    2.8275,
    6.5575,
    2.9575,
    6.685,
    3.085,
    6.8125,
    3.2125,
    6.9425,
    3.3425,
    7.07,
    3.47
  ],
  "ImageOrientationPatientDICOM": [
    0.999897,
    0.00413369,
    0.0137505,
    -1.74184E-8,
    0.957663,
    -0.287893
  ],
  "InPlanePhaseEncodingDirectionDICOM": "COL",
  "ConversionSoftware": "dcm2niix",
  "ConversionSoftwareVersion": "v1.0.20210317",
  "IntendedFor": [
    "ses-1/func/sub-P383187_ses-1_task-paingen_dir-pa_run-01_sbref.nii.gz",
    "ses-1/func/sub-P383187_ses-1_task-paingen_dir-pa_run-01_bold.nii.gz",
    "ses-1/func/sub-P383187_ses-1_task-paingen_dir-pa_run-02_bold.nii.gz",
    "ses-1/func/sub-P383187_ses-1_task-paingen_dir-pa_run-02_sbref.nii.gz",
    "ses-1/func/sub-P383187_ses-1_task-paingen_dir-pa_run-03_sbref.nii.gz",
    "ses-1/func/sub-P383187_ses-1_task-paingen_dir-pa_run-03_bold.nii.gz",
    "ses-1/func/sub-P383187_ses-1_task-paingen_dir-pa_run-04_sbref.nii.gz",
    "ses-1/func/sub-P383187_ses-1_task-paingen_dir-pa_run-04_bold.nii.gz"
  ]
}