{
    "Modality":"MR",
    "MagneticFieldStrength":3,
    "ImagingFrequency":123.248,
    "Manufacturer":"Siemens",
    "ManufacturersModelName":"Prisma_fit",
    "InstitutionName":"Intermountain_Neuroimaging_Consortium",
    "InstitutionalDepartmentName":"Department",
    "InstitutionAddress":"Exposition_Drive_1777_Boulder_Denver_US_80301",
    "DeviceSerialNumber":"67087",
    "StationName":"MRC35451",
    "BodyPartExamined":"HEAD",
    "PatientPosition":"HFS",
    "ProcedureStepDescription":"TWAGER_PAINGEN_200107",
    "SoftwareVersions":"syngo_MR_E11",
    "MRAcquisitionType":"3D",
    "SeriesDescription":"t1w_32ch_mpr_p3_08mm",
    "ProtocolName":"t1w_32ch_mpr_p3_08mm",
    "ScanningSequence":"GR_IR",
    "SequenceVariant":"SK_SP_MP",
    "ScanOptions":"IR_WE",
    "SequenceName":"_tfl3d1_16ns",
    "ImageType":[
        "ORIGINAL",
        "PRIMARY",
        "M",
        "ND",
        "NORM"
    ],
    "SeriesNumber":5,
    "AcquisitionTime":"15:39:14.997500",
    "AcquisitionNumber":1,
    "SliceThickness":0.8,
    "SAR":0.0596271,
    "EchoTime":0.00211,
    "RepetitionTime":2,
    "InversionTime":1,
    "FlipAngle":8,
    "PartialFourier":1,
    "BaseResolution":320,
    "ShimSetting":[
        4566,
        1283,
        872,
        780,
        161,
        194,
        -612,
        11
    ],
    "TxRefAmp":229.402,
    "PhaseResolution":1,
    "ReceiveCoilName":"Head_32",
    "ReceiveCoilActiveElements":"HEA;HEP",
    "PulseSequenceDetails":"%SiemensSeq%_tfl",
    "RefLinesPE":32,
    "ConsistencyInfo":"N4_VE11C_LATEST_20160120",
    "PercentPhaseFOV":100,
    "PhaseEncodingSteps":320,
    "AcquisitionMatrixPE":320,
    "ReconMatrixPE":320,
    "PixelBandwidth":240,
    "DwellTime":6.5e-06,
    "ImageOrientationPatientDICOM":[
        -0.0304292,
        0.929956,
        0.36641,
        0.01199,
        0.366893,
        -0.930186
    ],
    "InPlanePhaseEncodingDirectionDICOM":"ROW",
    "ConversionSoftware":"dcm2niix",
    "ConversionSoftwareVersion":"v1.0.20190410  GCC4.8.5"
}