{
    "Modality":"MR",
    "MagneticFieldStrength":3,
    "ImagingFrequency":123.248,
    "Manufacturer":"Siemens",
    "ManufacturersModelName":"Prisma_fit",
    "InstitutionName":"Intermountain_Neuroimaging_Consortium",
    "InstitutionalDepartmentName":"Department",
    "InstitutionAddress":"Exposition_Drive_1777_Boulder_Denver_US_80301",
    "DeviceSerialNumber":"67087",
    "StationName":"MRC35451",
    "BodyPartExamined":"HEAD",
    "PatientPosition":"HFS",
    "ProcedureStepDescription":"TWAGER_PAINGEN_200107",
    "SoftwareVersions":"syngo_MR_E11",
    "MRAcquisitionType":"2D",
    "SeriesDescription":"paingen_pa_32ch_mb8_v01_r03_SBRef",
    "ProtocolName":"paingen_pa_32ch_mb8_v01_r03",
    "ScanningSequence":"EP",
    "SequenceVariant":"SK_SS",
    "ScanOptions":"FS",
    "SequenceName":"epfid2d1_82",
    "ImageType":[
        "ORIGINAL",
        "PRIMARY",
        "M",
        "ND",
        "NORM",
        "MOSAIC"
    ],
    "SeriesNumber":20,
    "AcquisitionTime":"14:02:13.575000",
    "AcquisitionNumber":1,
    "ImageComments":"Single-band_reference",
    "SliceThickness":2.7,
    "SpacingBetweenSlices":2.7,
    "SAR":0.0686632,
    "EchoTime":0.0272,
    "RepetitionTime":0.46,
    "FlipAngle":44,
    "PartialFourier":1,
    "BaseResolution":82,
    "ShimSetting":[
        4511,
        1188,
        885,
        680,
        74,
        -79,
        -136,
        -8
    ],
    "TxRefAmp":256.992,
    "PhaseResolution":1,
    "ReceiveCoilName":"Head_32",
    "ReceiveCoilActiveElements":"HEA;HEP",
    "PulseSequenceDetails":"%CustomerSeq%_cmrr_mbep2d_bold",
    "WipMemBlock":"8b2b76a1-d1a0-4c84-8634-b0cd2898d595||Sequence: R016 ve11b/master r/2c26778; Dec 19 2017 13:23:05 by eja",
    "ConsistencyInfo":"N4_VE11B_LATEST_20150530",
    "PercentPhaseFOV":100,
    "EchoTrainLength":82,
    "PhaseEncodingSteps":82,
    "AcquisitionMatrixPE":82,
    "ReconMatrixPE":82,
    "BandwidthPerPixelPhaseEncode":24.888,
    "EffectiveEchoSpacing":0.00049,
    "DerivedVendorReportedEchoSpacing":0.00049,
    "TotalReadoutTime":0.03969,
    "PixelBandwidth":3050,
    "DwellTime":2e-06,
    "PhaseEncodingDirection":"j",
    "SliceTiming":[
        0,
        0.0625,
        0.125,
        0.1875,
        0.2525,
        0.315,
        0.3775,
        0.44,
        0.5025,
        0.565,
        0.6275,
        0.6925,
        0.755,
        0.8175,
        0.88,
        0.9425,
        1.005,
        1.0675,
        1.1325,
        1.195,
        1.2575,
        1.32,
        1.3825,
        1.445,
        1.5075,
        1.5725,
        1.635,
        1.6975,
        1.76,
        1.8225,
        1.885,
        1.9475,
        2.01,
        2.075,
        2.1375,
        2.2,
        2.2625,
        2.325,
        2.3875,
        2.45,
        2.515,
        2.5775,
        2.64,
        2.7025,
        2.765,
        2.8275,
        2.89,
        2.955,
        3.0175,
        3.08,
        3.1425,
        3.205,
        3.2675,
        3.33,
        3.395,
        3.4575
    ],
    "ImageOrientationPatientDICOM":[
        0.999498,
        -0.0146162,
        -0.0281046,
        6.56785e-09,
        0.887193,
        -0.461398
    ],
    "InPlanePhaseEncodingDirectionDICOM":"COL",
    "ConversionSoftware":"dcm2niix",
    "ConversionSoftwareVersion":"v1.0.20190410  GCC4.8.5",
    "TaskName":"paingen"
}