{
  "Modality": "MR",
  "MagneticFieldStrength": 3,
  "ImagingFrequency": 123.248,
  "Manufacturer": "Siemens",
  "ManufacturersModelName": "Prisma_fit",
  "InstitutionName": "Intermountain_Neuroimaging_Consortium",
  "InstitutionalDepartmentName": "Department",
  "InstitutionAddress": "Exposition_Drive_1777_Boulder_Denver_US_80301",
  "DeviceSerialNumber": "67087",
  "StationName": "MRC35451",
  "BodyPartExamined": "HEAD",
  "PatientPosition": "HFS",
  "ProcedureStepDescription": "TWAGER_PAINGEN_200107",
  "SoftwareVersions": "syngo_MR_E11",
  "MRAcquisitionType": "2D",
  "SeriesDescription": "distortion_corr_32ch_pa",
  "ProtocolName": "distortion_corr_32ch_pa",
  "ScanningSequence": "EP",
  "SequenceVariant": "SK",
  "ScanOptions": "FS",
  "SequenceName": "epse2d1_82",
  "ImageType": [
    "ORIGINAL",
    "PRIMARY",
    "M",
    "ND",
    "NORM",
    "MOSAIC"
  ],
  "SeriesNumber": 6,
  "AcquisitionTime": "10:43:14.407500",
  "AcquisitionNumber": 1,
  "SliceThickness": 2.7,
  "SpacingBetweenSlices": 2.7,
  "SAR": 0.170917,
  "EchoTime": 0.073,
  "RepetitionTime": 7.22,
  "FlipAngle": 90,
  "PartialFourier": 1,
  "BaseResolution": 82,
  "ShimSetting": [
    4527,
    1228,
    951,
    451,
    181,
    168,
    -67,
    49
  ],
  "TxRefAmp": 270.521,
  "PhaseResolution": 1,
  "ReceiveCoilName": "Head_32",
  "ReceiveCoilActiveElements": "HEA;HEP",
  "PulseSequenceDetails": "%CustomerSeq%_cmrr_mbep2d_se",
  "WipMemBlock": "1c991419-749e-4c3a-9c89-c31dae4a6d2f||Sequence: R016 ve11b/master r/2c26778; Dec 19 2017 13:45:39 by eja",
  "ConsistencyInfo": "N4_VE11B_LATEST_20150530",
  "PercentPhaseFOV": 100,
  "EchoTrainLength": 82,
  "PhaseEncodingSteps": 82,
  "AcquisitionMatrixPE": 82,
  "ReconMatrixPE": 82,
  "BandwidthPerPixelPhaseEncode": 24.888,
  "EffectiveEchoSpacing": 0.00049,
  "DerivedVendorReportedEchoSpacing": 0.00049,
  "TotalReadoutTime": 0.03969,
  "PixelBandwidth": 3050,
  "DwellTime": 2E-6,
  "PhaseEncodingDirection": "j",
  "SliceTiming": [
    3.6,
    0,
    3.73,
    0.13,
    3.8575,
    0.2575,
    3.9875,
    0.3875,
    4.115,
    0.515,
    4.2425,
    0.6425,
    4.3725,
    0.7725,
    4.5,
    0.9,
    4.63,
    1.03,
    4.7575,
    1.1575,
    4.8875,
    1.2875,
    5.015,
    1.415,
    5.1425,
    1.5425,
    5.2725,
    1.6725,
    5.4,
    1.8,
    5.53,
    1.93,
    5.6575,
    2.0575,
    5.7875,
    2.1875,
    5.915,
    2.315,
    6.0425,
    2.4425,
    6.1725,
    2.5725,
    6.3,
    2.7,
    6.43,
    2.83,
    6.5575,
    2.9575,
    6.6875,
    3.0875,
    6.815,
    3.215,
    6.9425,
    3.3425,
    7.0725,
    3.4725
  ],
  "ImageOrientationPatientDICOM": [
    0.999993,
    0.00132274,
    0.0035949,
    -7.20209E-8,
    0.938493,
    -0.345299
  ],
  "InPlanePhaseEncodingDirectionDICOM": "COL",
  "ConversionSoftware": "dcm2niix",
  "ConversionSoftwareVersion": "v1.0.20190410  GCC4.8.5",
  "IntendedFor": [
    "ses-1/func/sub-P160272_ses-1_task-paingen_dir-pa_run-01_sbref.nii.gz",
    "ses-1/func/sub-P160272_ses-1_task-paingen_dir-pa_run-01_bold.nii.gz",
    "ses-1/func/sub-P160272_ses-1_task-paingen_dir-pa_run-02_bold.nii.gz",
    "ses-1/func/sub-P160272_ses-1_task-paingen_dir-pa_run-02_sbref.nii.gz",
    "ses-1/func/sub-P160272_ses-1_task-paingen_dir-pa_run-03_sbref.nii.gz",
    "ses-1/func/sub-P160272_ses-1_task-paingen_dir-pa_run-03_bold.nii.gz",
    "ses-1/func/sub-P160272_ses-1_task-paingen_dir-pa_run-04_sbref.nii.gz",
    "ses-1/func/sub-P160272_ses-1_task-paingen_dir-pa_run-04_bold.nii.gz"
  ]
}