{
    "Modality":"MR",
    "MagneticFieldStrength":3,
    "ImagingFrequency":123.248,
    "Manufacturer":"Siemens",
    "ManufacturersModelName":"Prisma_fit",
    "InstitutionName":"Intermountain Neuroimaging Consortium",
    "InstitutionalDepartmentName":"Department",
    "InstitutionAddress":"Exposition Drive 1777,Boulder,Denver,US,80301",
    "DeviceSerialNumber":"67087",
    "StationName":"MRC35451",
    "BodyPartExamined":"HEAD",
    "PatientPosition":"HFS",
    "ProcedureStepDescription":"TWAGER^PAINGEN_200107",
    "SoftwareVersions":"syngo MR E11",
    "MRAcquisitionType":"2D",
    "SeriesDescription":"paingen_pa_32ch_mb8_v01_r01",
    "ProtocolName":"paingen_pa_32ch_mb8_v01_r01",
    "ScanningSequence":"EP",
    "SequenceVariant":"SK\\SS",
    "ScanOptions":"FS",
    "SequenceName":"epfid2d1_82",
    "ImageType":[
        "ORIGINAL",
        "PRIMARY",
        "M",
        "MB",
        "ND",
        "NORM",
        "MOSAIC"
    ],
    "SeriesNumber":11,
    "AcquisitionTime":"13:23:1.070000",
    "AcquisitionNumber":1,
    "ImageComments":"Unaliased MB8/PE3",
    "SliceThickness":2.7,
    "SpacingBetweenSlices":2.7,
    "SAR":0.0851898,
    "EchoTime":0.0272,
    "RepetitionTime":0.46,
    "FlipAngle":44,
    "PartialFourier":1,
    "BaseResolution":82,
    "ShimSetting":[
        4516,
        1183,
        960,
        531,
        73,
        54,
        66,
        33
    ],
    "TxRefAmp":246.912,
    "PhaseResolution":1,
    "ReceiveCoilName":"Head_32",
    "ReceiveCoilActiveElements":"HEA;HEP",
    "PulseSequenceDetails":"%CustomerSeq%\\cmrr_mbep2d_bold",
    "WipMemBlock":"1aea33bd-fd5a-432b-a40d-86126fb1a440||Sequence: R016 ve11e/master r/434b28f1; Aug  7 2019 18:53:46 by eja",
    "ConsistencyInfo":"N4_VE11E_LATEST_20181129",
    "MultibandAccelerationFactor":8,
    "PercentPhaseFOV":100,
    "PercentSampling":100,
    "EchoTrainLength":82,
    "PhaseEncodingSteps":82,
    "AcquisitionMatrixPE":82,
    "ReconMatrixPE":82,
    "BandwidthPerPixelPhaseEncode":24.888,
    "EffectiveEchoSpacing":0.00049,
    "DerivedVendorReportedEchoSpacing":0.00049,
    "TotalReadoutTime":0.03969,
    "PixelBandwidth":3050,
    "DwellTime":2e-06,
    "PhaseEncodingDirection":"j",
    "SliceTiming":[
        0,
        0.2525,
        0.0625,
        0.315,
        0.1275,
        0.3775,
        0.19,
        0,
        0.2525,
        0.0625,
        0.315,
        0.1275,
        0.3775,
        0.19,
        0,
        0.2525,
        0.0625,
        0.315,
        0.1275,
        0.3775,
        0.19,
        0,
        0.2525,
        0.0625,
        0.315,
        0.1275,
        0.3775,
        0.19,
        0,
        0.2525,
        0.0625,
        0.315,
        0.1275,
        0.3775,
        0.19,
        0,
        0.2525,
        0.0625,
        0.315,
        0.1275,
        0.3775,
        0.19,
        0,
        0.2525,
        0.0625,
        0.315,
        0.1275,
        0.3775,
        0.19,
        0,
        0.2525,
        0.0625,
        0.315,
        0.1275,
        0.3775,
        0.19
    ],
    "ImageOrientationPatientDICOM":[
        0.999843,
        0.00471765,
        0.017092,
        2.49722e-08,
        0.963954,
        -0.266068
    ],
    "InPlanePhaseEncodingDirectionDICOM":"COL",
    "ConversionSoftware":"dcm2niix",
    "ConversionSoftwareVersion":"v1.0.20210317",
    "TaskName":"paingen"
}