{
    "Modality":"MR",
    "MagneticFieldStrength":3,
    "ImagingFrequency":123.248,
    "Manufacturer":"Siemens",
    "ManufacturersModelName":"Prisma_fit",
    "InstitutionName":"Intermountain_Neuroimaging_Consortium",
    "InstitutionalDepartmentName":"Department",
    "InstitutionAddress":"Exposition_Drive_1777_Boulder_Denver_US_80301",
    "DeviceSerialNumber":"67087",
    "StationName":"MRC35451",
    "BodyPartExamined":"HEAD",
    "PatientPosition":"HFS",
    "ProcedureStepDescription":"TWAGER_PAINGEN_200107",
    "SoftwareVersions":"syngo_MR_E11",
    "MRAcquisitionType":"2D",
    "SeriesDescription":"paingen_pa_32ch_mb8_v01_r04",
    "ProtocolName":"paingen_pa_32ch_mb8_v01_r04",
    "ScanningSequence":"EP",
    "SequenceVariant":"SK_SS",
    "ScanOptions":"FS",
    "SequenceName":"epfid2d1_82",
    "ImageType":[
        "ORIGINAL",
        "PRIMARY",
        "M",
        "MB",
        "ND",
        "NORM",
        "MOSAIC"
    ],
    "SeriesNumber":19,
    "AcquisitionTime":"16:19:35.807500",
    "AcquisitionNumber":1,
    "ImageComments":"Unaliased_MB8_PE3",
    "SliceThickness":2.7,
    "SpacingBetweenSlices":2.7,
    "SAR":0.0873686,
    "EchoTime":0.0272,
    "RepetitionTime":0.46,
    "FlipAngle":44,
    "PartialFourier":1,
    "BaseResolution":82,
    "ShimSetting":[
        4515,
        1217,
        953,
        451,
        123,
        69,
        3,
        -13
    ],
    "TxRefAmp":247.281,
    "PhaseResolution":1,
    "ReceiveCoilName":"Head_32",
    "ReceiveCoilActiveElements":"HEA;HEP",
    "PulseSequenceDetails":"%CustomerSeq%_cmrr_mbep2d_bold",
    "WipMemBlock":"fc670d02-0aa0-452a-bf9d-a7a4e6de27d2||Sequence: R016 ve11c/master r/e634e98; Dec 19 2017 11:00:25 by eja",
    "ConsistencyInfo":"N4_VE11C_LATEST_20160120",
    "MultibandAccelerationFactor":8,
    "PercentPhaseFOV":100,
    "EchoTrainLength":82,
    "PhaseEncodingSteps":82,
    "AcquisitionMatrixPE":82,
    "ReconMatrixPE":82,
    "BandwidthPerPixelPhaseEncode":24.888,
    "EffectiveEchoSpacing":0.00049,
    "DerivedVendorReportedEchoSpacing":0.00049,
    "TotalReadoutTime":0.03969,
    "PixelBandwidth":3050,
    "DwellTime":2e-06,
    "PhaseEncodingDirection":"j",
    "SliceTiming":[
        0,
        0.25,
        0.0625,
        0.3125,
        0.125,
        0.3775,
        0.1875,
        0,
        0.25,
        0.0625,
        0.3125,
        0.125,
        0.3775,
        0.1875,
        0,
        0.25,
        0.0625,
        0.3125,
        0.125,
        0.3775,
        0.1875,
        0,
        0.25,
        0.0625,
        0.3125,
        0.125,
        0.3775,
        0.1875,
        0,
        0.25,
        0.0625,
        0.3125,
        0.125,
        0.3775,
        0.1875,
        0,
        0.25,
        0.0625,
        0.3125,
        0.125,
        0.3775,
        0.1875,
        0,
        0.25,
        0.0625,
        0.3125,
        0.125,
        0.3775,
        0.1875,
        0,
        0.25,
        0.0625,
        0.3125,
        0.125,
        0.3775,
        0.1875
    ],
    "ImageOrientationPatientDICOM":[
        0.999955,
        -0.00274893,
        -0.00910689,
        7.25684e-08,
        0.957339,
        -0.288966
    ],
    "InPlanePhaseEncodingDirectionDICOM":"COL",
    "ConversionSoftware":"dcm2niix",
    "ConversionSoftwareVersion":"v1.0.20190410  GCC4.8.5",
    "TaskName":"paingen"
}