{
    "Modality":"MR",
    "MagneticFieldStrength":3,
    "ImagingFrequency":123.248,
    "Manufacturer":"Siemens",
    "ManufacturersModelName":"Prisma_fit",
    "InstitutionName":"Intermountain Neuroimaging Consortium",
    "InstitutionalDepartmentName":"Department",
    "InstitutionAddress":"Exposition Drive 1777,Boulder,Denver,US,80301",
    "DeviceSerialNumber":"67087",
    "StationName":"MRC35451",
    "BodyPartExamined":"HEAD",
    "PatientPosition":"HFS",
    "ProcedureStepDescription":"TWAGER^PAINGEN_200107",
    "SoftwareVersions":"syngo MR E11",
    "MRAcquisitionType":"2D",
    "SeriesDescription":"paingen_pa_32ch_mb8_v01_r03_SBRef",
    "ProtocolName":"paingen_pa_32ch_mb8_v01_r03",
    "ScanningSequence":"EP",
    "SequenceVariant":"SK\\SS",
    "ScanOptions":"FS",
    "SequenceName":"epfid2d1_82",
    "ImageType":[
        "ORIGINAL",
        "PRIMARY",
        "M",
        "ND",
        "NORM",
        "MOSAIC"
    ],
    "SeriesNumber":14,
    "AcquisitionTime":"14:47:23.945000",
    "AcquisitionNumber":1,
    "ImageComments":"Single-band reference",
    "SliceThickness":2.7,
    "SpacingBetweenSlices":2.7,
    "SAR":0.105619,
    "EchoTime":0.0272,
    "RepetitionTime":0.46,
    "FlipAngle":44,
    "PartialFourier":1,
    "BaseResolution":82,
    "ShimSetting":[
        4526,
        1188,
        950,
        566,
        123,
        156,
        -87,
        31
    ],
    "TxRefAmp":262.643,
    "PhaseResolution":1,
    "ReceiveCoilName":"Head_32",
    "ReceiveCoilActiveElements":"HEA;HEP",
    "PulseSequenceDetails":"%CustomerSeq%\\cmrr_mbep2d_bold",
    "WipMemBlock":"5718fde0-b7c5-4ad6-b8db-dfd16fc7679b||Sequence: R016 ve11e/master r/434b28f1; Aug  7 2019 18:53:46 by eja",
    "ConsistencyInfo":"N4_VE11E_LATEST_20181129",
    "PercentPhaseFOV":100,
    "PercentSampling":100,
    "EchoTrainLength":82,
    "PhaseEncodingSteps":82,
    "AcquisitionMatrixPE":82,
    "ReconMatrixPE":82,
    "BandwidthPerPixelPhaseEncode":24.888,
    "EffectiveEchoSpacing":0.00049,
    "DerivedVendorReportedEchoSpacing":0.00049,
    "TotalReadoutTime":0.03969,
    "PixelBandwidth":3050,
    "DwellTime":2e-06,
    "PhaseEncodingDirection":"j",
    "SliceTiming":[
        0,
        0.0625,
        0.1275,
        0.19,
        0.2525,
        0.315,
        0.3775,
        0.44,
        0.5025,
        0.5675,
        0.63,
        0.6925,
        0.755,
        0.8175,
        0.88,
        0.9425,
        1.0075,
        1.07,
        1.1325,
        1.195,
        1.2575,
        1.32,
        1.3825,
        1.4475,
        1.51,
        1.5725,
        1.635,
        1.6975,
        1.76,
        1.8225,
        1.8875,
        1.95,
        2.0125,
        2.075,
        2.1375,
        2.2,
        2.2625,
        2.325,
        2.39,
        2.4525,
        2.515,
        2.5775,
        2.64,
        2.7025,
        2.765,
        2.83,
        2.8925,
        2.955,
        3.0175,
        3.08,
        3.1425,
        3.205,
        3.27,
        3.3325,
        3.395,
        3.4575
    ],
    "ImageOrientationPatientDICOM":[
        0.999441,
        0.0111253,
        0.0315362,
        -3.71006e-08,
        0.943039,
        -0.332682
    ],
    "InPlanePhaseEncodingDirectionDICOM":"COL",
    "ConversionSoftware":"dcm2niix",
    "ConversionSoftwareVersion":"v1.0.20210317",
    "TaskName":"paingen"
}